PATH
  remote: .
  specs:
    analog (0.1.0)

GEM
  remote: https://rubygems.org/
  specs:
    minitest (5.14.4)
    rake (13.0.6)

PLATFORMS
  x86_64-linux

DEPENDENCIES
  analog!
  minitest (~> 5.0)
  rake (~> 13.0)

BUNDLED WITH
   2.2.25
